GIT
  remote: ../AfriCompta
  revision: b8563e3b49b93585bdcf3d571652cfbde4f7d28c
  branch: gemify-things
  specs:
    africompta (1.9.8)
      qooxview

GIT
  remote: ../HelperClasses
  revision: 13b0df9435e9c2337e96dab7f83bc229652d59e2
  branch: gemify-things
  specs:
    helper_classes (0.3.1)

GIT
  remote: ../HilinkModem
  revision: 8fd4a2a12a03b74dbacd30bfd855e22b30f0cb1d
  branch: gemify-things
  specs:
    hilink_modem (0.3.1)
      activesupport (~> 3.1)
      serialport (~> 1.3)

GIT
  remote: ../Network
  revision: f0613ee449393ca079daae21875fa17b589f72cf
  branch: gemify-things
  specs:
    network (0.3.1)
      helper_classes (= 0.3.1)
      hilink_modem (= 0.3.1)
      serial_modem (= 0.3.0)

GIT
  remote: ../QooxView
  revision: 6c629e464074a93ddac1c0c6bf2197df2e6cc624
  branch: gemify-things
  specs:
    qooxview (2.0.0.pre.pre2)
      activemodel (= 3.1.1)
      activerecord (= 3.1.1)
      activesupport (= 3.1.1)
      arel (= 2.2.1)
      chunky_png (= 1.3.4)
      docsplit (= 0.7.6)
      gettext (= 3.0.0)
      helper_classes (= 0.3.1)
      i18n (= 0.6.0)
      iconv (= 1.0.3)
      json (= 1.8.2)
      locale (= 2.0.8)
      multi_json (= 1.0.3)
      net-ldap (= 0.5.1)
      parseconfig (= 0.5.2)
      pdf-core (= 0.5.1)
      prawn (= 2.0.1)
      rqrcode (= 0.4.2)
      rqrcode-with-patches (= 0.5.4)
      rubyzip (= 1.1.7)
      serialport (= 1.3.1)
      sqlite3 (= 1.3.10)
      text (= 1.2.3)
      ttfunk (= 1.4.0)

GIT
  remote: ../SerialModem
  revision: a465f92d6040ea4b221617f4d98db1044813f806
  branch: gemify-things
  specs:
    serial_modem (0.3.0)
      serialport (= 1.3.1)

GEM
  remote: https://rubygems.org/
  specs:
    activemodel (3.1.1)
      activesupport (= 3.1.1)
      builder (~> 3.0.0)
      i18n (~> 0.6)
    activerecord (3.1.1)
      activemodel (= 3.1.1)
      activesupport (= 3.1.1)
      arel (~> 2.2.1)
      tzinfo (~> 0.3.29)
    activesupport (3.1.1)
      multi_json (~> 1.0)
    arel (2.2.1)
    builder (3.0.4)
    chunky_png (1.3.4)
    docsplit (0.7.6)
    gettext (3.0.0)
      locale (>= 2.0.5)
      text
    i18n (0.6.0)
    iconv (1.0.3)
    json (1.8.2)
    locale (2.0.8)
    multi_json (1.0.3)
    net-ldap (0.5.1)
    parseconfig (0.5.2)
    pdf-core (0.5.1)
    prawn (2.0.1)
      pdf-core (~> 0.5.1)
      ttfunk (~> 1.4.0)
    rqrcode (0.4.2)
    rqrcode-with-patches (0.5.4)
      chunky_png
    rubyzip (1.1.7)
    serialport (1.3.1)
    sqlite3 (1.3.10)
    text (1.2.3)
    ttfunk (1.4.0)
    tzinfo (0.3.44)

PLATFORMS
  ruby

DEPENDENCIES
  africompta!
  helper_classes!
  hilink_modem!
  network!
  qooxview!
  serial_modem!
